GEM
  remote: https://rubygems.org/
  specs:
    ethon (0.7.3)
      ffi (>= 1.3.0)
    ffi (1.9.8)
    ffi (1.9.8-java)
    typhoeus (0.7.1)
      ethon (>= 0.7.1)

PLATFORMS
  java
  ruby

DEPENDENCIES
  typhoeus
